GEM
  remote: http://rubygems.org/
  specs:
    aws-s3 (0.6.2)
      builder
      mime-types
      xml-simple
    builder (3.0.0)
    daemons (1.0.10)
    frank (1.0.8)
      haml (>= 3.0)
      mongrel (>= 1.2.0.pre2)
      net-scp (>= 1.0)
      net-ssh (>= 2.0)
      rack (>= 1.0)
      tilt (= 0.9)
    gem_plugin (0.2.3)
    haml (3.0.25)
    mime-types (1.16)
    mongrel (1.2.0.pre2)
      daemons (~> 1.0.10)
      gem_plugin (~> 0.2.3)
    net-scp (1.0.4)
      net-ssh (>= 1.99.1)
    net-ssh (2.1.0)
    rack (1.2.1)
    tilt (0.9)
    xml-simple (1.0.14)

PLATFORMS
  ruby

DEPENDENCIES
  aws-s3
  frank
